GEM
  remote: https://rubygems.org/
  specs:
    alsa-rawmidi (0.3.1)
      ffi (~> 1.0)
    ffi (1.9.6)
    ffi-coremidi (0.3.7)
      ffi (~> 1.9, >= 1.9.6)
    mail (2.6.3)
      mime-types (>= 1.16, < 3)
    midi-jruby (0.1.5)
    midi-winmm (0.1.10)
      ffi (>= 1.0)
    midilib (2.0.4)
    mime-types (2.4.3)
    pony (1.11)
      mail (>= 2.0)
    rack (1.6.0)
    rack-protection (1.5.3)
      rack
    sinatra (1.4.5)
      rack (~> 1.4)
      rack-protection (~> 1.4)
      tilt (~> 1.3, >= 1.3.4)
    tilt (1.4.1)
    trollop (2.1.1)
    unimidi (0.4.6)
      alsa-rawmidi (~> 0.3, >= 0.3.1)
      ffi-coremidi (~> 0.3, >= 0.3.5)
      midi-jruby (~> 0.1, >= 0.1.4)
      midi-winmm (~> 0.1, >= 0.1.10)

PLATFORMS
  ruby

DEPENDENCIES
  midilib
  pony
  sinatra
  trollop
  unimidi
