GEM
  remote: http://rubygems.org/
  specs:
    alsa-rawmidi (0.3.2)
      ffi (~> 1.0)
    ffi (1.9.23)
    ffi-coremidi (0.4.1)
      ffi (~> 1.9, >= 1.9.6)
    mail (2.7.0)
      mini_mime (>= 0.1.1)
    midi-jruby (0.1.6)
    midi-winmm (0.1.10)
      ffi (>= 1.0)
    midilib (2.0.5)
    mini_mime (1.0.0)
    mustermann (1.0.2)
    newrelic_rpm (4.8.0.341)
    pony (1.12)
      mail (>= 2.0)
    rack (2.0.4)
    rack-protection (2.0.1)
      rack
    sinatra (2.0.1)
      mustermann (~> 1.0)
      rack (~> 2.0)
      rack-protection (= 2.0.1)
      tilt (~> 2.0)
    tilt (2.0.8)
    trollop (2.1.2)
    unimidi (0.4.8)
      alsa-rawmidi (~> 0.3, >= 0.3.1)
      ffi-coremidi (~> 0.3, >= 0.3.5)
      midi-jruby (~> 0.1, >= 0.1.4)
      midi-winmm (~> 0.1, >= 0.1.10)

PLATFORMS
  ruby

DEPENDENCIES
  midilib
  newrelic_rpm
  pony
  sinatra
  trollop
  unimidi

BUNDLED WITH
   1.16.1
